GEM
  remote: http://rubygems.org/
  specs:
    haml (4.0.5)
      tilt
    tilt (2.0.1)

PLATFORMS
  ruby

DEPENDENCIES
  haml
